GEM
  remote: http://gems%40gopro%2Ecom:rubygems@gems.gopro-platform.com/
  remote: https://rubygems.org/
  specs:
    aws-sdk (1.38.0)
      json (~> 1.4)
      nokogiri (>= 1.4.4)
      uuidtools (~> 2.1)
    flame-deploy (0.0.5)
      aws-sdk
    json (1.8.1)
    mini_portile (0.5.3)
    nokogiri (1.6.1)
      mini_portile (~> 0.5.0)
    sass (3.3.5)
    uuidtools (2.1.4)

PLATFORMS
  ruby

DEPENDENCIES
  aws-sdk
  flame-deploy
  json
  sass (~> 3.3)
